GEM
  remote: http://rubygems.org/
  remote: http://gems.github.com/
  specs:
    addressable (2.1.1)
    data_objects (0.9.11)
      addressable (~> 2.0)
      extlib (~> 0.9.9)
    datamapper (0.10.1)
      dm-aggregates (= 0.10.1)
      dm-constraints (= 0.10.1)
      dm-core (= 0.10.1)
      dm-core (= 0.10.1)
      dm-migrations (= 0.10.1)
      dm-serializer (= 0.10.1)
      dm-timestamps (= 0.10.1)
      dm-types (= 0.10.1)
      dm-validations (= 0.10.1)
    dm-aggregates (0.10.1)
      dm-core (= 0.10.1)
    dm-constraints (0.10.1)
      dm-core (= 0.10.1)
    dm-core (0.10.1)
      addressable (~> 2.1)
      extlib (~> 0.9.13)
    dm-migrations (0.10.1)
      dm-core (= 0.10.1)
    dm-serializer (0.10.1)
      dm-core (= 0.10.1)
    dm-sweatshop (0.10.1)
      dm-core (= 0.10.1)
      randexp (~> 0.1.4)
    dm-timestamps (0.10.1)
      dm-core (= 0.10.1)
    dm-types (0.10.1)
      dm-core (= 0.10.1)
    dm-validations (0.10.1)
      dm-core (= 0.10.1)
    do_postgres (0.9.11)
      data_objects (= 0.9.11)
    extlib (0.9.13)
    haml (2.2.15)
    json_pure (1.2.0)
    rack (1.0.1)
    rack-test (0.5.3)
      rack (>= 1.0)
    rack_hoptoad (0.0.5)
      rack
    rake (0.8.7)
    randexp (0.1.4)
    sinatra (0.9.4)
      rack (>= 0.9.1)
    tzinfo (0.3.15)

PLATFORMS
  ruby

DEPENDENCIES
  addressable (= 2.1.1)
  data_objects (= 0.9.11)
  datamapper (= 0.10.1)
  dm-aggregates (= 0.10.1)
  dm-constraints (= 0.10.1)
  dm-core (= 0.10.1)
  dm-migrations (= 0.10.1)
  dm-serializer (= 0.10.1)
  dm-sweatshop (= 0.10.1)
  dm-timestamps (= 0.10.1)
  dm-types (= 0.10.1)
  dm-validations (= 0.10.1)
  do_postgres (= 0.9.11)
  extlib (= 0.9.13)
  haml (= 2.2.15)
  json_pure (= 1.2.0)
  rack (= 1.0.1)
  rack-test (= 0.5.3)
  rack_hoptoad (= 0.0.5)
  rake (= 0.8.7)
  randexp (= 0.1.4)
  sinatra (= 0.9.4)
  tzinfo (= 0.3.15)
